GEM
  remote: https://rubygems.org/
  specs:
    commonmarker (0.21.0)
      ruby-enum (~> 0.5)
    concurrent-ruby (1.1.6)
    i18n (1.8.3)
      concurrent-ruby (~> 1.0)
    ruby-enum (0.8.0)
      i18n

PLATFORMS
  ruby

DEPENDENCIES
  commonmarker

BUNDLED WITH
   2.1.4
