GEM
  remote: https://rubygems.org/
  specs:
    commonmarker (0.23.9)

PLATFORMS
  ruby

DEPENDENCIES
  commonmarker

BUNDLED WITH
   2.1.4
